GIT
  remote: https://github.com/redbadger/rugged.git
  revision: fc8eac34341a74ca9b545bfa79be754ec55131dd
  branch: backends
  submodules: true
  specs:
    rugged (0.19.0)

PATH
  remote: .
  specs:
    rugged-redis (0.1.0)

GEM
  remote: https://rubygems.org/
  specs:
    coderay (1.1.0)
    diff-lcs (1.2.5)
    method_source (0.8.2)
    pry (0.9.12.6)
      coderay (~> 1.0)
      method_source (~> 0.8)
      slop (~> 3.4)
    pry-nav (0.2.3)
      pry (~> 0.9.10)
    rake (10.3.1)
    rake-compiler (0.9.2)
      rake
    rspec (2.14.1)
      rspec-core (~> 2.14.0)
      rspec-expectations (~> 2.14.0)
      rspec-mocks (~> 2.14.0)
    rspec-core (2.14.8)
    rspec-expectations (2.14.5)
      diff-lcs (>= 1.1.3, < 2.0)
    rspec-mocks (2.14.6)
    slop (3.5.0)

PLATFORMS
  ruby

DEPENDENCIES
  bundler (~> 1.6)
  pry
  pry-nav
  rake
  rake-compiler
  rspec
  rugged!
  rugged-redis!
